GEM
  remote: https://rubygems.org/
  specs:
    bcrypt (3.1.10)
    bcrypt (3.1.10-java)
    bson (3.0.3)
    bson (3.0.3-java)
    eventmachine (1.0.7)
    eventmachine (1.0.7-java)
    jdbc-mysql (5.1.35)
    jdbc-postgres (9.4.1200)
    mini_portile (0.6.2)
    mysql (2.9.1)
    nokogiri (1.6.6.2)
      mini_portile (~> 0.6.0)
    nokogiri (1.6.6.2-java)
    pg (0.18.2)
    rack (1.6.1)
    rack-protection (1.5.3)
      rack
    rmagick (2.15.2)
    sinatra (1.4.6)
      rack (~> 1.4)
      rack-protection (~> 1.4)
      tilt (>= 1.3, < 3)
    tilt (2.0.1)

PLATFORMS
<%= engine %>

DEPENDENCIES
  bcrypt
  bson
  eventmachine
  jdbc-mysql
  jdbc-postgres
  mysql
  nokogiri
  pg
  rmagick
  sinatra

BUNDLED WITH
   1.10.0
